GEM
  remote: https://rubygems.org/
  specs:
    pg (1.2.3)

PLATFORMS
  ruby

DEPENDENCIES
  pg (~> 1.2, >= 1.2.3)

RUBY VERSION
   ruby 2.7.2p137

BUNDLED WITH
   2.1.4
